Brain Vision Data Exchange Header File Version 1.0
; Data created by the Vision Recorder

[Common Infos]
Codepage=UTF-8
DataFile=015-20200104-001.eeg
MarkerFile=015-20200104-001.vmrk
DataFormat=BINARY
; Data orientation: MULTIPLEXED=ch1,pt1, ch2,pt1 ...
DataOrientation=MULTIPLEXED
NumberOfChannels=32
; Sampling interval in microseconds
SamplingInterval=1000

[Binary Infos]
BinaryFormat=INT_16

[Channel Infos]
; Each entry: Ch<Channel number>=<Name>,<Reference channel name>,
; <Resolution in "Unit">,<Unit>, Future extensions..
; Fields are delimited by commas, some fields might be omitted (empty).
; Commas in channel names are coded as "\1".
Ch1=FP1,,0.5,µV
Ch2=FP2,,0.5,µV
Ch3=F3,,0.5,µV
Ch4=F4,,0.5,µV
Ch5=C3,,0.5,µV
Ch6=C4,,0.5,µV
Ch7=P3,,0.5,µV
Ch8=P4,,0.5,µV
Ch9=O1,,0.5,µV
Ch10=O2,,0.5,µV
Ch11=F7,,0.5,µV
Ch12=F8,,0.5,µV
Ch13=EMG1,,0.5,µV
Ch14=EMG2,,0.5,µV
Ch15=P7,,0.5,µV
Ch16=P8,,0.5,µV
Ch17=Fz,,0.5,µV
Ch18=Cz,,0.5,µV
Ch19=Pz,,0.5,µV
Ch20=IO,,0.5,µV
Ch21=FC1,,0.5,µV
Ch22=FC2,,0.5,µV
Ch23=CP1,,0.5,µV
Ch24=CP2,,0.5,µV
Ch25=FC5,,0.5,µV
Ch26=FC6,,0.5,µV
Ch27=CP5,,0.5,µV
Ch28=CP6,,0.5,µV
Ch29=EMG3,,0.5,µV
Ch30=EMG4,,0.5,µV
Ch31=TP9,,0.5,µV
Ch32=TP10,,0.5,µV
