Brain Vision Data Exchange Header File Version 1.0
; Data created by the Vision Recorder

[Common Infos]
Codepage=UTF-8
DataFile=1218-006.eeg
MarkerFile=1218-006.vmrk
DataFormat=BINARY
; Data orientation: MULTIPLEXED=ch1,pt1, ch2,pt1 ...
DataOrientation=MULTIPLEXED
NumberOfChannels=32
; Sampling interval in microseconds
SamplingInterval=1000

[Binary Infos]
BinaryFormat=INT_16

[Channel Infos]
; Each entry: Ch<Channel number>=<Name>,<Reference channel name>,
; <Resolution in "Unit">,<Unit>, Future extensions..
; Fields are delimited by commas, some fields might be omitted (empty).
; Commas in channel names are coded as "\1".
Ch1=FP1,,0.5,µV
Ch2=FP2,,0.5,µV
Ch3=F3,,0.5,µV
Ch4=F4,,0.5,µV
Ch5=C3,,0.5,µV
Ch6=C4,,0.5,µV
Ch7=P3,,0.5,µV
Ch8=P4,,0.5,µV
Ch9=O1,,0.5,µV
Ch10=O2,,0.5,µV
Ch11=F7,,0.5,µV
Ch12=F8,,0.5,µV
Ch13=EMG1,,0.5,µV
Ch14=EMG2,,0.5,µV
Ch15=P7,,0.5,µV
Ch16=P8,,0.5,µV
Ch17=Fz,,0.5,µV
Ch18=Cz,,0.5,µV
Ch19=Pz,,0.5,µV
Ch20=IO,,0.5,µV
Ch21=FC1,,0.5,µV
Ch22=FC2,,0.5,µV
Ch23=CP1,,0.5,µV
Ch24=CP2,,0.5,µV
Ch25=FC5,,0.5,µV
Ch26=FC6,,0.5,µV
Ch27=CP5,,0.5,µV
Ch28=CP6,,0.5,µV
Ch29=EMG3,,0.5,µV
Ch30=EMG4,,0.5,µV
Ch31=TP9,,0.5,µV
Ch32=TP10,,0.5,µV

[Comment]

BrainVision Recorder Professional   -   V. 1.20.0801


A m p l i f i e r  S e t u p
============================
Number of channels: 32
Sampling Rate [Hz]: 1000
Sampling Interval [µS]: 1000

Channels
--------
#     Name      Phys. Chn.    Resolution / Unit   Low Cutoff [s]   High Cutoff [Hz]   Notch [Hz]    Series Res. [kOhm] Gradient         Offset
1     FP1         1                0.5 µV             10             1000              Off                0                 
2     FP2         2                0.5 µV             10             1000              Off                0                 
3     F3          3                0.5 µV             10             1000              Off                0                 
4     F4          4                0.5 µV             10             1000              Off                0                 
5     C3          5                0.5 µV             10             1000              Off                0                 
6     C4          6                0.5 µV             10             1000              Off                0                 
7     P3          7                0.5 µV             10             1000              Off                0                 
8     P4          8                0.5 µV             10             1000              Off                0                 
9     O1          9                0.5 µV             10             1000              Off                0                 
10    O2          10               0.5 µV             10             1000              Off                0                 
11    F7          11               0.5 µV             10             1000              Off                0                 
12    F8          12               0.5 µV             10             1000              Off                0                 
13    EMG1        13               0.5 µV             10             1000              Off                0                 
14    EMG2        14               0.5 µV             10             1000              Off                0                 
15    P7          15               0.5 µV             10             1000              Off                0                 
16    P8          16               0.5 µV             10             1000              Off                0                 
17    Fz          17               0.5 µV             10             1000              Off                0                 
18    Cz          18               0.5 µV             10             1000              Off                0                 
19    Pz          19               0.5 µV             10             1000              Off                0                 
20    IO          20               0.5 µV             10             1000              Off                0                 
21    FC1         21               0.5 µV             10             1000              Off                0                 
22    FC2         22               0.5 µV             10             1000              Off                0                 
23    CP1         23               0.5 µV             10             1000              Off                0                 
24    CP2         24               0.5 µV             10             1000              Off                0                 
25    FC5         25               0.5 µV             10             1000              Off                0                 
26    FC6         26               0.5 µV             10             1000              Off                0                 
27    CP5         27               0.5 µV             10             1000              Off                0                 
28    CP6         28               0.5 µV             10             1000              Off                0                 
29    EMG3        29               0.5 µV             10             1000              Off                0                 
30    EMG4        30               0.5 µV             10             1000              Off                0                 
31    TP9         31               0.5 µV             10             1000              Off                0                 
32    TP10        32               0.5 µV             10             1000              Off                0                 

S o f t w a r e  F i l t e r s
==============================
#     Low Cutoff [s]   High Cutoff [Hz]   Notch [Hz]
1      1.59155          30                 50
2      1.59155          30                 50
3      1.59155          30                 50
4      1.59155          30                 50
5      1.59155          30                 50
6      1.59155          30                 50
7      1.59155          30                 50
8      1.59155          30                 50
9      1.59155          30                 50
10     1.59155          30                 50
11     1.59155          30                 50
12     1.59155          30                 50
13     1.59155          Off                50
14     1.59155          Off                50
15     1.59155          30                 50
16     1.59155          30                 50
17     1.59155          30                 50
18     1.59155          30                 50
19     1.59155          30                 50
20     1.59155          30                 50
21     1.59155          30                 50
22     1.59155          30                 50
23     1.59155          30                 50
24     1.59155          30                 50
25     1.59155          30                 50
26     1.59155          30                 50
27     1.59155          30                 50
28     1.59155          30                 50
29     1.59155          Off                50
30     1.59155          Off                50
31     1.59155          30                 50
32     1.59155          30                 50


Data Electrodes Selected Impedance Measurement Range: 0 - 100 kOhm
Impedance [kOhm] at 10:09:05 :
FP1:          0
FP2:          0
F3:           0
F4:           0
C3:           0
C4:           0
P3:           0
P4:           0
O1:           0
O2:           0
F7:           0
F8:           0
EMG1:         4
EMG2:         3
P7:           0
P8:           0
Fz:           0
Cz:           0
Pz:           0
IO:           0
FC1:          0
FC2:          0
CP1:          0
CP2:          0
FC5:          0
FC6:          0
CP5:          0
CP6:          0
EMG3:        10
EMG4:         3
TP9:          0
TP10:         0
Ref:          1
Gnd:          2
